PATH
  remote: .
  specs:
    status-page (0.1.0)
      colorize
      httparty
      json
      thor

GEM
  remote: https://rubygems.org/
  specs:
    byebug (10.0.2)
    codeclimate-test-reporter (1.0.8)
      simplecov (<= 0.13)
    colorize (0.8.1)
    diff-lcs (1.3)
    docile (1.1.5)
    httparty (0.16.2)
      multi_xml (>= 0.5.2)
    json (2.1.0)
    multi_xml (0.6.0)
    rake (12.3.1)
    rspec (3.8.0)
      rspec-core (~> 3.8.0)
      rspec-expectations (~> 3.8.0)
      rspec-mocks (~> 3.8.0)
    rspec-core (3.8.0)
      rspec-support (~> 3.8.0)
    rspec-expectations (3.8.1)
      diff-lcs (>= 1.2.0, < 2.0)
      rspec-support (~> 3.8.0)
    rspec-mocks (3.8.0)
      diff-lcs (>= 1.2.0, < 2.0)
      rspec-support (~> 3.8.0)
    rspec-support (3.8.0)
    simplecov (0.13.0)
      docile (~> 1.1.0)
      json (>= 1.8, < 3)
      simplecov-html (~> 0.10.0)
    simplecov-html (0.10.2)
    thor (0.20.0)

PLATFORMS
  ruby

DEPENDENCIES
  bundler
  byebug
  codeclimate-test-reporter
  rake
  rspec
  status-page!

BUNDLED WITH
   1.16.1
